GEM
  remote: http://ruby.taobao.org/
  specs:
    mysql (2.9.1)

PLATFORMS
  ruby

DEPENDENCIES
  mysql (~> 2.9.1)
